PATH
  remote: .
  specs:
    git-deploy (0.7.2)
      net-scp (~> 1.1)
      net-ssh (~> 7.3.0)
      thor (= 1.3.2)

GEM
  remote: https://rubygems.org/
  specs:
    diff-lcs (1.2.4)
    logger (1.6.5)
    net-scp (1.2.1)
      net-ssh (>= 2.6.5)
    net-ssh (7.3.0)
    rspec (2.13.0)
      rspec-core (~> 2.13.0)
      rspec-expectations (~> 2.13.0)
      rspec-mocks (~> 2.13.0)
    rspec-core (2.13.1)
    rspec-expectations (2.13.0)
      diff-lcs (>= 1.1.3, < 2.0)
    rspec-mocks (2.13.1)
    thor (1.3.2)

PLATFORMS
  ruby

DEPENDENCIES
  git-deploy!
  logger (~> 1.6)
  rspec (~> 2.13.0)

BUNDLED WITH
   2.6.2
